

GROUP Build
NUGET
  remote: https://www.nuget.org/api/v2
    FAKE (5.0.0-alpha014)
